GEM
  remote: https://rubygems.org/
  specs:
    jrjackson (0.3.9-java)
    json (1.8.3-java)
    multi_json (1.12.0)

PLATFORMS
  java

DEPENDENCIES
  jrjackson
  json
  multi_json

BUNDLED WITH
   1.12.3
