GEM
  remote: https://rubygems.org/
  specs:
    jrjackson (0.3.9-java)
    json (2.3.0)
    json (2.3.0-java)
    multi_json (1.12.0)

PLATFORMS
  java
  ruby

DEPENDENCIES
  jrjackson
  json
  multi_json

BUNDLED WITH
   1.12.3
